STORAGE: NONE
RESTRICTION: || (== net472) (== netstandard2.0)
NUGET
  remote: https://api.nuget.org/v3/index.json
    DotEnvFile (2.1)
      FSharp.Core (>= 4.1)
    FSharp.Core (4.5)
GITHUB
  remote: fsprojects/FSharp.TypeProviders.SDK
    src/ProvidedTypes.fs (add1d43349c420e659a731268b64afa212ef3329)
    src/ProvidedTypes.fsi (add1d43349c420e659a731268b64afa212ef3329)
GROUP Test
STORAGE: NONE
RESTRICTION: || (== net472) (== net6.0)
NUGET
  remote: https://api.nuget.org/v3/index.json
    FSharp.Core (6.0.1)
    Microsoft.NETCore.Platforms (6.0.1) - restriction: || (&& (== net472) (< net35)) (&& (== net472) (>= netcoreapp2.0)) (&& (== net472) (< netstandard1.0) (>= win8)) (&& (== net472) (< netstandard1.3) (>= wpa81)) (&& (== net472) (< netstandard1.5) (>= uap10.0)) (&& (== net472) (>= uap10.1)) (&& (== net472) (>= wp8)) (== net6.0)
    NETStandard.Library (2.0.3) - restriction: || (&& (== net472) (< net35)) (== net6.0)
      Microsoft.NETCore.Platforms (>= 1.1)
    NUnit (3.13.2)
      NETStandard.Library (>= 2.0) - restriction: || (&& (== net472) (< net35)) (== net6.0)
    NUnit.Console (3.13)
      NUnit.ConsoleRunner (>= 3.13)
      NUnit.Extension.NUnitProjectLoader (>= 3.6)
      NUnit.Extension.NUnitV2Driver (>= 3.8)
      NUnit.Extension.NUnitV2ResultWriter (>= 3.6)
      NUnit.Extension.TeamCityEventListener (>= 1.0.7)
      NUnit.Extension.VSProjectLoader (>= 3.8)
    NUnit.ConsoleRunner (3.13)
    NUnit.Extension.NUnitProjectLoader (3.7.1)
    NUnit.Extension.NUnitV2Driver (3.9)
    NUnit.Extension.NUnitV2ResultWriter (3.7)
    NUnit.Extension.TeamCityEventListener (1.0.7)
    NUnit.Extension.VSProjectLoader (3.9)
    NUnit3TestAdapter (4.2.0) - version_in_path: true
